GEM
  remote: https://rubygems.org/
  specs:
    algoliasearch (1.12.6)
      httpclient (~> 2.8.3)
      json (>= 1.5.1)
    coderay (1.1.1)
    httpclient (2.8.3)
    json (2.0.3)
    method_source (0.8.2)
    pry (0.10.4)
      coderay (~> 1.1.0)
      method_source (~> 0.8.1)
      slop (~> 3.4)
    slop (3.6.0)

PLATFORMS
  ruby

DEPENDENCIES
  algoliasearch
  pry

BUNDLED WITH
   1.14.4
